GEM
  remote: https://rubygems.org/
  specs:
    addressable (2.4.0)
    andand (1.3.3)
    aws-sdk (2.3.9)
      aws-sdk-resources (= 2.3.9)
    aws-sdk-core (2.3.9)
      jmespath (~> 1.0)
    aws-sdk-resources (2.3.9)
      aws-sdk-core (= 2.3.9)
    buftok (0.2.0)
    domain_name (0.5.20160310)
      unf (>= 0.0.5, < 1.0.0)
    elasticsearch (1.0.17)
      elasticsearch-api (= 1.0.17)
      elasticsearch-transport (= 1.0.17)
    elasticsearch-api (1.0.17)
      multi_json
    elasticsearch-transport (1.0.17)
      faraday
      multi_json
    equalizer (0.0.10)
    faraday (0.9.2)
      multipart-post (>= 1.2, < 3)
    faraday_middleware (0.9.2)
      faraday (>= 0.7.4, < 0.10)
    guess_html_encoding (0.0.11)
    hashie (3.4.4)
    http (1.0.4)
      addressable (~> 2.3)
      http-cookie (~> 1.0)
      http-form_data (~> 1.0.1)
      http_parser.rb (~> 0.6.0)
    http-cookie (1.0.2)
      domain_name (~> 0.5)
    http-form_data (1.0.1)
    http_parser.rb (0.6.0-java)
    instagram (1.1.6)
      faraday (>= 0.7, < 0.10)
      faraday_middleware (>= 0.8, < 0.10)
      hashie (>= 0.4.0)
      multi_json (~> 1.0, >= 1.0.3)
    jmespath (1.2.4)
      json_pure (>= 1.8.1)
    jruby-jars (9.0.5.0)
    jruby-openssl (0.9.16-java)
    jruby-rack (1.1.20)
    json (1.8.3-java)
    json_pure (1.8.3)
    koala (2.3.0)
      addressable
      faraday
      multi_json
    mail (2.6.4)
      mime-types (>= 1.16, < 4)
    manticore (0.6.0-java)
    memoizable (0.4.2)
      thread_safe (~> 0.3, >= 0.3.1)
    mime-types (3.1)
      mime-types-data (~> 3.2015)
    mime-types-data (3.2016.0521)
    multi_json (1.12.1)
    multipart-post (2.0.0)
    naught (1.1.0)
    nokogiri (1.6.7.2-java)
    pst (0.0.2)
      andand
    rack (1.6.4)
    rack-protection (1.5.3)
      rack
    rake (11.1.2)
    rika-stevedore (1.6.2-java)
    rubyzip (1.1.7)
    simple_oauth (0.3.1)
    sinatra (1.4.7)
      rack (~> 1.5)
      rack-protection (~> 1.4)
      tilt (>= 1.3, < 3)
    stevedore-uploader (1.0.3-java)
      aws-sdk (~> 2)
      elasticsearch (~> 1.0)
      jruby-openssl (~> 0.9)
      mail (~> 2.6)
      manticore
      nokogiri (~> 1.6)
      pst (~> 0.0.2)
      rika-stevedore (>= 1.6.1)
      rubyzip (~> 1.1)
    therubyrhino (2.0.4)
      therubyrhino_jar (>= 1.7.3)
    therubyrhino_jar (1.7.6)
    thread_safe (0.3.5-java)
    tilt (2.0.4)
    twitter (5.16.0)
      addressable (~> 2.3)
      buftok (~> 0.2.0)
      equalizer (= 0.0.10)
      faraday (~> 0.9.0)
      http (~> 1.0)
      http_parser.rb (~> 0.6.0)
      json (~> 1.8)
      memoizable (~> 0.4.0)
      naught (~> 1.0)
      simple_oauth (~> 0.3.0)
    unf (0.1.4-java)
    warbler (2.0.0.rc2)
      jruby-jars (>= 9.0.0.0)
      jruby-rack (>= 1.1.1, < 1.3)
      rake (>= 10.1.0)
      rubyzip (>= 1.0, < 1.2)

PLATFORMS
  java
  ruby

DEPENDENCIES
  aws-sdk (~> 2)
  bundler
  elasticsearch
  guess_html_encoding
  instagram
  jruby-jars (= 9.0.5.0)
  jruby-openssl
  koala
  manticore
  rika-stevedore (= 1.6.2)
  sinatra
  stevedore-uploader (~> 1.0.3)
  therubyrhino
  twitter
  warbler (= 2.0.0.rc2)

BUNDLED WITH
   1.11.2
