GEM
  remote: https://rubygems.org/
  specs:
    aws-sdk (2.1.28)
      aws-sdk-resources (= 2.1.28)
    aws-sdk-core (2.1.28)
      jmespath (~> 1.0)
    aws-sdk-resources (2.1.28)
      aws-sdk-core (= 2.1.28)
    elasticsearch (1.0.13)
      elasticsearch-api (= 1.0.13)
      elasticsearch-transport (= 1.0.13)
    elasticsearch-api (1.0.13)
      multi_json
    elasticsearch-transport (1.0.13)
      faraday
      multi_json
    faraday (0.9.2)
      multipart-post (>= 1.2, < 3)
    guess_html_encoding (0.0.11)
    jmespath (1.1.3)
    jruby-jars (1.7.22)
    jruby-openssl (0.9.11-java)
    jruby-rack (1.1.19)
    manticore (0.4.4-java)
    multi_json (1.11.2)
    multipart-post (2.0.0)
    rack (1.6.4)
    rack-protection (1.5.3)
      rack
    rake (10.4.2)
    rika-stevedore (1.6.0c-java)
    rubyzip (1.1.7)
    sinatra (1.4.6)
      rack (~> 1.4)
      rack-protection (~> 1.4)
      tilt (>= 1.3, < 3)
    tilt (2.0.1)
    warbler (1.4.9)
      jruby-jars (>= 1.5.6, < 2.0)
      jruby-rack (>= 1.1.1, < 1.3)
      rake (>= 0.9.6)
      rubyzip (>= 0.9, < 1.2)

PLATFORMS
  java
  ruby

DEPENDENCIES
  aws-sdk (~> 2)
  bundler
  elasticsearch
  guess_html_encoding
  jruby-openssl
  manticore
  rika-stevedore (= 1.6.0c)
  sinatra
  warbler

BUNDLED WITH
   1.10.6
